GEM
  remote: https://rubygems.org/
  specs:
    algorithms (0.6.1)
    celluloid (0.15.2)
      timers (~> 1.1.0)
    celluloid-io (0.15.0)
      celluloid (>= 0.15.0)
      nio4r (>= 0.5.0)
    celluloid-redis (0.0.2)
      celluloid-io (>= 0.13.0.pre)
      redis
    celluloid-zmq (0.15.0)
      celluloid (>= 0.13.0)
      ffi
      ffi-rzmq
    daemons (1.1.9)
    dcell (0.15.0)
      celluloid (>= 0.15.0)
      celluloid-redis
      celluloid-zmq (>= 0.15.0)
      redis-namespace
      reel
    diff-lcs (1.2.5)
    eventmachine (1.0.3)
    ffi (1.9.3)
    ffi-rzmq (1.0.3)
      ffi
    http (0.5.0)
      http_parser.rb
    http_parser.rb (0.6.0)
    nio4r (0.5.0)
    rack (1.5.2)
    rack-protection (1.5.1)
      rack
    rake (10.1.1)
    redis (3.0.6)
    redis-namespace (1.4.1)
      redis (~> 3.0.4)
    reel (0.4.0)
      celluloid (>= 0.15.1)
      celluloid-io (>= 0.15.0)
      http (>= 0.5.0)
      http_parser.rb (>= 0.6.0.beta.2)
      websocket_parser (>= 0.1.4)
    rspec (2.14.1)
      rspec-core (~> 2.14.0)
      rspec-expectations (~> 2.14.0)
      rspec-mocks (~> 2.14.0)
    rspec-core (2.14.7)
    rspec-expectations (2.14.4)
      diff-lcs (>= 1.1.3, < 2.0)
    rspec-mocks (2.14.4)
    sinatra (1.4.4)
      rack (~> 1.4)
      rack-protection (~> 1.4)
      tilt (~> 1.3, >= 1.3.4)
    thin (1.6.1)
      daemons (>= 1.0.9)
      eventmachine (>= 1.0.0)
      rack (>= 1.0.0)
    tilt (1.4.1)
    timers (1.1.0)
    websocket_parser (0.1.4)
      http

PLATFORMS
  ruby

DEPENDENCIES
  algorithms
  dcell
  rake
  reel
  rspec
  sinatra
  thin
